PATH
  remote: .
  specs:
    kitchen-btrlxc (1.0.1)
      mixlib-shellout (~> 1.6.0)
      test-kitchen (~> 1.4)

GEM
  remote: https://rubygems.org/
  specs:
    mixlib-shellout (1.6.1)
    net-scp (1.2.1)
      net-ssh (>= 2.6.5)
    net-ssh (2.9.2)
    rake (10.4.2)
    safe_yaml (1.0.4)
    test-kitchen (1.4.0)
      mixlib-shellout (>= 1.2, < 3.0)
      net-scp (~> 1.1)
      net-ssh (~> 2.7)
      safe_yaml (~> 1.0)
      thor (~> 0.18)
    thor (0.19.1)

PLATFORMS
  ruby

DEPENDENCIES
  bundler (~> 1.7)
  kitchen-btrlxc!
  rake (~> 10.0)
